PATH
  remote: .
  specs:
    groupdocs_merger_cloud (23.2)
      addressable (>= 2.5, < 2.9)
      faraday (~> 0.14.0)

GEM
  remote: https://rubygems.org/
  specs:
    addressable (2.8.1)
      public_suffix (>= 2.0.2, < 6.0)
    faraday (0.14.0)
      multipart-post (>= 1.2, < 3)
    minitest (5.13.0)
    multipart-post (2.3.0)
    public_suffix (4.0.7)
    rake (13.0.3)

PLATFORMS
  ruby
  x64-mingw32

DEPENDENCIES
  groupdocs_merger_cloud!
  minitest (~> 5.11, >= 5.11.3)
  rake (~> 13.0.1)

BUNDLED WITH
   1.16.6
